GEM
  remote: https://rubygems.org/
  specs:
    slack_socket_mode_bot (0.9.1)
      websocket (~> 1.2)
    websocket (1.2.10)

PLATFORMS
  ruby

DEPENDENCIES
  slack_socket_mode_bot

BUNDLED WITH
   2.1.2
